GEM
  remote: https://rubygems.org/
  specs:
    sbconstants (1.1.1)
    xcpretty (0.1.7)

PLATFORMS
  ruby

DEPENDENCIES
  sbconstants
  xcpretty
